GEM
  remote: https://rubygems.org/
  specs:
    awesome_print (1.7.0)
    byebug (9.0.5)
    coderay (1.1.1)
    method_source (0.8.2)
    pry (0.10.4)
      coderay (~> 1.1.0)
      method_source (~> 0.8.1)
      slop (~> 3.4)
    pry-byebug (3.4.0)
      byebug (~> 9.0)
      pry (~> 0.10)
    pry-doc (0.9.0)
      pry (~> 0.9)
      yard (~> 0.8)
    slop (3.6.0)
    yard (0.9.5)

PLATFORMS
  ruby

DEPENDENCIES
  awesome_print
  pry
  pry-byebug
  pry-doc

BUNDLED WITH
   1.12.5
